PATH
  remote: .
  specs:
    shackle (0.0.0)
      bundler
      gemnasium-parser

GEM
  remote: http://rubygems.org/
  specs:
    coderay (1.0.9)
    gemnasium-parser (0.1.9)
    method_source (0.8.1)
    minitest (4.7.1)
    pry (0.9.12)
      coderay (~> 1.0.5)
      method_source (~> 0.8)
      slop (~> 3.4)
    rake (10.0.4)
    slop (3.4.4)

PLATFORMS
  ruby

DEPENDENCIES
  minitest
  pry
  rake
  shackle!
